GEM
  remote: http://rubygems.org/
  specs:
    ansi (1.5.0)
    builder (3.2.3)
    minitest (5.11.3)
    minitest-reporters (1.3.6)
      ansi
      builder
      minitest (>= 5.0)
      ruby-progressbar
    ruby-progressbar (1.10.0)

PLATFORMS
  ruby

DEPENDENCIES
  minitest (~> 5.10)
  minitest-reporters (~> 1.1)

RUBY VERSION
   ruby 2.3.0p0

BUNDLED WITH
   2.0.1
